GEM
  remote: https://rubygems.org/
  specs:
    ast (2.1.0)
    astrolabe (1.3.1)
      parser (~> 2.2)
    bundler-audit (0.4.0)
      bundler (~> 1.2)
      thor (~> 0.18)
    coderay (1.1.0)
    coreaudio (0.0.11)
      narray (~> 0.6.0.0)
    logger-better (0.2.1)
    memory_profiler (0.9.4)
    method_source (0.8.2)
    narray (0.6.0.9)
    parser (2.2.2.6)
      ast (>= 1.1, < 3.0)
    powerpack (0.1.1)
    pry (0.10.2)
      coderay (~> 1.1.0)
      method_source (~> 0.8.1)
      slop (~> 3.4)
    rainbow (2.0.0)
    rake (12.3.3)
    required_arg (1.0.0)
    rubocop (0.34.2)
      astrolabe (~> 1.3)
      parser (>= 2.2.2.5, < 3.0)
      powerpack (~> 0.1)
      rainbow (>= 1.99.1, < 3.0)
      ruby-progressbar (~> 1.4)
    ruby-fftw3 (1.0.2)
      narray
    ruby-prof (0.15.8)
    ruby-progressbar (1.7.5)
    slop (3.6.0)
    thor (0.19.1)
    todo_lint (0.2.3)
      rainbow (~> 2.0.0)
      required_arg (~> 1.0)

PLATFORMS
  ruby

DEPENDENCIES
  bundler-audit
  coreaudio (~> 0.0.11)
  logger-better
  memory_profiler
  pry
  rake
  rubocop
  ruby-fftw3 (~> 1.0.2)
  ruby-prof
  todo_lint

RUBY VERSION
   ruby 2.3.1p112

BUNDLED WITH
   1.12.5
