GEM
  remote: https://rubygems.org/
  specs:
    activesupport (4.2.3)
      i18n (~> 0.7)
      json (~> 1.7, >= 1.7.7)
      minitest (~> 5.1)
      thread_safe (~> 0.3, >= 0.3.4)
      tzinfo (~> 1.1)
    addressable (2.3.8)
    akami (1.3.1)
      gyoku (>= 0.4.0)
      nokogiri
    ast (2.1.0)
    astrolabe (1.3.1)
      parser (~> 2.2)
    builder (3.2.2)
    bundler-audit (0.4.0)
      bundler (~> 1.2)
      thor (~> 0.18)
    chunky_png (1.3.4)
    coderay (1.1.0)
    cookiejar (0.3.2)
    curb (0.8.8)
    em-http-request (1.1.2)
      addressable (>= 2.3.4)
      cookiejar
      em-socksify (>= 0.3)
      eventmachine (>= 1.0.3)
      http_parser.rb (>= 0.6.0)
    em-socksify (0.3.0)
      eventmachine (>= 1.0.0.beta.4)
    em-synchrony (1.0.4)
      eventmachine (>= 1.0.0.beta.1)
    eventmachine (1.0.8)
    ffi (1.9.10)
    gyoku (1.3.1)
      builder (>= 2.1.2)
    http_parser.rb (0.6.0)
    httpi (2.4.1)
      rack
    i18n (0.7.0)
    json (1.8.3)
    log_switch (0.4.0)
    logger-better (0.2.1)
    memory_profiler (0.9.4)
    method_source (0.8.2)
    mini_portile (0.6.2)
    minitest (5.8.0)
    mrjoy-launchpad (0.4.0)
      ffi
      portmidi (>= 0.0.6)
    nokogiri (1.6.6.2)
      mini_portile (~> 0.6.0)
    nori (2.6.0)
    oily_png (1.2.0)
      chunky_png (~> 1.3.1)
    oj (2.12.12)
    parser (2.2.2.6)
      ast (>= 1.1, < 3.0)
    perlin_noise (0.1.2)
    playful (0.1.0.alpha.1)
      em-http-request (>= 1.0.2)
      em-synchrony
      eventmachine (>= 1.0.0)
      log_switch (>= 0.4.0)
      nori (>= 2.0.2)
      savon (~> 2.0)
    portmidi (0.0.6)
    powerpack (0.1.1)
    pry (0.10.1)
      coderay (~> 1.1.0)
      method_source (~> 0.8.1)
      slop (~> 3.4)
    rack (1.6.4)
    rainbow (2.0.0)
    rake (10.4.2)
    rgb (0.1.0)
    rubocop (0.33.0)
      astrolabe (~> 1.3)
      parser (>= 2.2.2.5, < 3.0)
      powerpack (~> 0.1)
      rainbow (>= 1.99.1, < 3.0)
      ruby-progressbar (~> 1.4)
    ruby-prof (0.15.8)
    ruby-progressbar (1.7.5)
    savon (2.11.1)
      akami (~> 1.2)
      builder (>= 2.1.2)
      gyoku (~> 1.2)
      httpi (~> 2.3)
      nokogiri (>= 1.4.0)
      nori (~> 2.4)
      wasabi (~> 3.4)
    slop (3.6.0)
    thor (0.19.1)
    thread_safe (0.3.5)
    tzinfo (1.2.2)
      thread_safe (~> 0.1)
    wasabi (3.5.0)
      httpi (~> 2.0)
      nokogiri (>= 1.4.2)

PLATFORMS
  ruby

DEPENDENCIES
  activesupport
  bundler-audit
  chunky_png
  curb
  logger-better
  memory_profiler
  mrjoy-launchpad
  oily_png
  oj
  perlin_noise
  playful
  pry
  rake
  rgb
  rubocop
  ruby-prof

BUNDLED WITH
   1.10.6
